GEM
  remote: http://rubygems.org/
  specs:
    ZenTest (4.4.0)
    actionmailer (2.3.5)
      actionpack (= 2.3.5)
    actionpack (2.3.5)
      activesupport (= 2.3.5)
      rack (~> 1.0.0)
    activerecord (2.3.5)
      activesupport (= 2.3.5)
    activeresource (2.3.5)
      activesupport (= 2.3.5)
    activesupport (2.3.5)
    autotest-fsevent (0.2.3)
      sys-uname
    autotest-growl (0.2.6)
    chronic (0.2.3)
      hoe (>= 1.2.1)
    flexmock (0.8.7)
    hoe (2.6.2)
      rake (>= 0.8.7)
      rubyforge (>= 2.0.4)
    json_pure (1.4.6)
    levenshtein (0.2.0)
    mysql (2.8.1)
    rack (1.0.1)
    rack-openid (1.0.3)
      rack (>= 0.4)
      ruby-openid (>= 2.1.6)
    rails (2.3.5)
      actionmailer (= 2.3.5)
      actionpack (= 2.3.5)
      activerecord (= 2.3.5)
      activeresource (= 2.3.5)
      activesupport (= 2.3.5)
      rake (>= 0.8.3)
    rake (0.8.7)
    rcov (0.9.9)
    rdiscount (1.6.5)
    ruby-openid (2.1.7)
    rubyforge (2.0.4)
      json_pure (>= 1.1.7)
    rubytree (0.7.0)
    shoulda (2.11.3)
    sys-uname (0.8.4)
    will_paginate (2.3.12)

PLATFORMS
  ruby

DEPENDENCIES
  ZenTest (= 4.4.0)
  autotest-fsevent (= 0.2.3)
  autotest-growl (= 0.2.6)
  chronic (= 0.2.3)
  flexmock (= 0.8.7)
  levenshtein (= 0.2.0)
  mysql (= 2.8.1)
  rack-openid (= 1.0.3)
  rails (= 2.3.5)
  rake (= 0.8.7)
  rcov (= 0.9.9)
  rdiscount (= 1.6.5)
  ruby-openid (= 2.1.7)
  rubytree (= 0.7.0)
  shoulda (= 2.11.3)
  will_paginate (= 2.3.12)
