GEM
  remote: http://rubygems.org/
  specs:
    actionmailer (2.3.5)
      actionpack (= 2.3.5)
    actionpack (2.3.5)
      activesupport (= 2.3.5)
      rack (~> 1.0.0)
    activerecord (2.3.5)
      activesupport (= 2.3.5)
    activeresource (2.3.5)
      activesupport (= 2.3.5)
    activesupport (2.3.5)
    chronic (0.2.3)
      hoe (>= 1.2.1)
    flexmock (0.8.7)
    hoe (2.6.2)
      rake (>= 0.8.7)
      rubyforge (>= 2.0.4)
    json_pure (1.4.6)
    levenshtein (0.2.0)
    pg (0.9.0)
    rack (1.0.1)
    rails (2.3.5)
      actionmailer (= 2.3.5)
      actionpack (= 2.3.5)
      activerecord (= 2.3.5)
      activeresource (= 2.3.5)
      activesupport (= 2.3.5)
      rake (>= 0.8.3)
    rake (0.8.7)
    rcov (0.9.9)
    rdiscount (1.6.5)
    ruby-openid (2.1.7)
    rubyforge (2.0.4)
      json_pure (>= 1.1.7)
    shoulda (2.11.1)
    will_paginate (2.3.12)

PLATFORMS
  ruby

DEPENDENCIES
  chronic (= 0.2.3)
  flexmock (= 0.8.7)
  levenshtein (= 0.2.0)
  pg (= 0.9.0)
  rails (= 2.3.5)
  rake (= 0.8.7)
  rcov (= 0.9.9)
  rdiscount (= 1.6.5)
  ruby-openid (= 2.1.7)
  shoulda (= 2.11.1)
  will_paginate (= 2.3.12)
